GEM
  remote: http://rubygems.org/
  specs:
    redcarpet (3.5.1)
    rmagick (2.13.1)

PLATFORMS
  ruby

DEPENDENCIES
  redcarpet
  rmagick
